PATH
  remote: .
  specs:
    adiwg-json_schemas (0.8.1)

GEM
  remote: https://rubygems.org/
  specs:
    json-schema (2.2.5)
    rake (10.3.2)
    test-unit (2.5.5)

PLATFORMS
  ruby

DEPENDENCIES
  adiwg-json_schemas!
  bundler (~> 1.3)
  json-schema (~> 2.2)
  rake
  test-unit
